PATH
  remote: .
  specs:
    parallel (1.26.3)

GEM
  remote: https://rubygems.org/
  specs:
    activemodel (6.1.5)
      activesupport (= 6.1.5)
    activerecord (6.1.5)
      activemodel (= 6.1.5)
      activesupport (= 6.1.5)
    activesupport (6.1.5)
      concurrent-ruby (~> 1.0, >= 1.0.2)
      i18n (>= 1.6, < 2)
      minitest (>= 5.1)
      tzinfo (~> 2.0)
      zeitwerk (~> 2.3)
    ast (2.4.3)
    base64 (0.2.0)
    benchmark (0.4.0)
    bigdecimal (3.1.9)
    bigdecimal (3.1.9-java)
    bump (0.10.0)
    concurrent-ruby (1.1.9)
    diff-lcs (1.5.0)
    i18n (1.10.0)
      concurrent-ruby (~> 1.0)
    json (2.10.2)
    json (2.10.2-java)
    language_server-protocol (3.17.0.4)
    lint_roller (1.1.0)
    logger (1.7.0)
    mini_portile2 (2.8.7)
    minitest (5.15.0)
    mutex_m (0.3.0)
    mysql2 (0.5.6)
    parser (3.3.8.0)
      ast (~> 2.4.1)
      racc
    prism (1.4.0)
    racc (1.8.1)
    racc (1.8.1-java)
    rainbow (3.1.1)
    rake (13.0.6)
    regexp_parser (2.10.0)
    rspec (3.11.0)
      rspec-core (~> 3.11.0)
      rspec-expectations (~> 3.11.0)
      rspec-mocks (~> 3.11.0)
    rspec-core (3.11.0)
      rspec-support (~> 3.11.0)
    rspec-expectations (3.11.0)
      diff-lcs (>= 1.2.0, < 2.0)
      rspec-support (~> 3.11.0)
    rspec-legacy_formatters (1.0.2)
      rspec (~> 3.0)
    rspec-mocks (3.11.0)
      diff-lcs (>= 1.2.0, < 2.0)
      rspec-support (~> 3.11.0)
    rspec-rerun (1.1.0)
      rspec (~> 3.0)
    rspec-support (3.11.0)
    rubocop (1.75.2)
      json (~> 2.3)
      language_server-protocol (~> 3.17.0.2)
      lint_roller (~> 1.1.0)
      parallel (~> 1.10)
      parser (>= 3.3.0.2)
      rainbow (>= 2.2.2, < 4.0)
      regexp_parser (>= 2.9.3, < 3.0)
      rubocop-ast (>= 1.44.0, < 2.0)
      ruby-progressbar (~> 1.7)
      unicode-display_width (>= 2.4.0, < 4.0)
    rubocop-ast (1.44.1)
      parser (>= 3.3.7.2)
      prism (~> 1.4)
    rubocop-rake (0.7.1)
      lint_roller (~> 1.1)
      rubocop (>= 1.72.1)
    rubocop-rspec (3.5.0)
      lint_roller (~> 1.1)
      rubocop (~> 1.72, >= 1.72.1)
    ruby-progressbar (1.13.0)
    sqlite3 (1.7.3)
      mini_portile2 (~> 2.8.0)
    tzinfo (2.0.4)
      concurrent-ruby (~> 1.0)
    unicode-display_width (3.1.4)
      unicode-emoji (~> 4.0, >= 4.0.4)
    unicode-emoji (4.0.4)
    zeitwerk (2.5.4)

PLATFORMS
  java
  ruby

DEPENDENCIES
  activerecord (~> 6.0)
  base64
  benchmark
  bigdecimal
  bump
  logger
  mutex_m
  mysql2
  parallel!
  rake
  rspec
  rspec-legacy_formatters
  rspec-rerun
  rubocop
  rubocop-rake
  rubocop-rspec
  ruby-progressbar
  sqlite3 (~> 1.4)

BUNDLED WITH
   2.3.12
